GEM
  specs:
    childprocess (3.0.0)
    coderay (1.1.3)
    method_source (1.0.0)
    mini_portile2 (2.4.0)
    nokogiri (1.10.10)
      mini_portile2 (~> 2.4.0)
    pry (0.14.1)
      coderay (~> 1.1)
      method_source (~> 1.0)
    regexp_parser (2.1.1)
    rubyzip (2.3.0)
    selenium-webdriver (3.142.7)
      childprocess (>= 0.5, < 4.0)
      rubyzip (>= 1.2.2)
    watir (6.19.1)
      regexp_parser (>= 1.2, < 3)
      selenium-webdriver (>= 3.142.7)

PLATFORMS
  ruby

DEPENDENCIES
  nokogiri
  pry
  watir

RUBY VERSION
   ruby 2.6.3p62

BUNDLED WITH
   1.17.2
